PATH
  remote: .
  specs:
    albums_by_artist (0.1.0)

GEM
  remote: https://rubygems.org/
  specs:
    bcrypt (3.1.18)
    date (3.3.3)
    nokogiri (1.14.0-x64-mingw-ucrt)
      racc (~> 1.4)
    open-uri (0.3.0)
      stringio
      time
      uri
    racc (1.6.2)
    rake (13.0.6)
    stringio (3.0.4)
    time (0.2.1)
      date
    uri (0.12.0)

PLATFORMS
  x64-mingw-ucrt

DEPENDENCIES
  albums_by_artist!
  bcrypt
  nokogiri
  open-uri
  rake (~> 13.0)

BUNDLED WITH
   2.4.3
